PATH
  remote: ../../..
  specs:
    ki (0.4.10)
      bson_ext
      bundler (~> 1.5)
      coffee-script
      faye-websocket
      haml
      mongo (= 1.9.2)
      rack
      rack-cors
      rack-parser
      sass
      thor

GEM
  remote: https://rubygems.org/
  specs:
    bson (1.9.2)
    bson_ext (1.9.2)
      bson (~> 1.9.2)
    coffee-script (2.4.1)
      coffee-script-source
      execjs
    coffee-script-source (1.10.0)
    eventmachine (1.2.0.1)
    execjs (2.7.0)
    faye-websocket (0.10.4)
      eventmachine (>= 0.12.0)
      websocket-driver (>= 0.5.1)
    haml (4.0.7)
      tilt
    mongo (1.9.2)
      bson (~> 1.9.2)
    rack (2.0.1)
    rack-cors (0.4.0)
    rack-parser (0.7.0)
      rack
    sass (3.4.22)
    thor (0.19.1)
    tilt (2.0.5)
    websocket-driver (0.6.4)
      websocket-extensions (>= 0.1.0)
    websocket-extensions (0.1.2)

PLATFORMS
  ruby

DEPENDENCIES
  ki!

BUNDLED WITH
   1.13.2
