PATH
  remote: ../../..
  specs:
    ki (0.4.10)
      bson_ext
      bundler (~> 1.5)
      coffee-script
      faye-websocket
      haml
      mongo (= 1.9.2)
      rack
      rack-cors
      rack-parser
      sass
      thor

GEM
  remote: https://rubygems.org/
  specs:
    bson (1.9.2)
    bson_ext (1.9.2)
      bson (~> 1.9.2)
    capistrano (3.1.0)
      i18n
      rake (>= 10.0.0)
      sshkit (~> 1.3)
    capistrano-rvm (0.1.1)
      capistrano (~> 3.0)
      sshkit (~> 1.2)
    coffee-script (2.4.1)
      coffee-script-source
      execjs
    coffee-script-source (1.10.0)
    daemon_controller (1.2.0)
    daemons (1.2.3)
    eventmachine (1.2.0.1)
    execjs (2.6.0)
    faye-websocket (0.10.3)
      eventmachine (>= 0.12.0)
      websocket-driver (>= 0.5.1)
    haml (4.0.7)
      tilt
    i18n (0.6.9)
    mongo (1.9.2)
      bson (~> 1.9.2)
    net-scp (1.1.2)
      net-ssh (>= 2.6.5)
    net-ssh (2.8.0)
    passenger (4.0.40)
      daemon_controller (>= 1.2.0)
      rack
      rake (>= 0.8.1)
    rack (1.5.2)
    rack-cors (0.4.0)
    rack-parser (0.7.0)
      rack
    rake (10.1.1)
    sass (3.4.22)
    sshkit (1.3.0)
      net-scp (>= 1.1.2)
      net-ssh
      term-ansicolor
    term-ansicolor (1.3.0)
      tins (~> 1.0)
    thin (1.6.4)
      daemons (~> 1.0, >= 1.0.9)
      eventmachine (~> 1.0, >= 1.0.4)
      rack (~> 1.0)
    thor (0.19.1)
    tilt (2.0.2)
    tins (1.0.1)
    websocket-driver (0.6.3)
      websocket-extensions (>= 0.1.0)
    websocket-extensions (0.1.2)

PLATFORMS
  ruby

DEPENDENCIES
  capistrano
  capistrano-rvm
  ki!
  passenger (= 4.0.40)
  thin
